GEM
  remote: https://rubygems.org/
  specs:
    gosu (0.10.8)
    gosu (0.10.8-x64-mingw32)

PLATFORMS
  ruby
  x64-mingw32

DEPENDENCIES
  gosu

BUNDLED WITH
   1.13.6
